GEM
  remote: http://gemcutter.org/
  specs:
    chingu (0.9rc9)
      gosu (>= 0.7.45)
      gosu (>= 0.7.45)
    cri (2.1.0)
    faster_xml_simple (0.5.0)
      libxml-ruby (>= 0.3.8.4)
    gosu (0.7.47.1)
    httpclient (2.3.3)
    json (1.7.6)
    libxml-ruby (2.6.0)
    net-github-upload (0.0.8)
      faster_xml_simple
      httpclient
      json
      nokogiri (>= 1.4.0)
    nokogiri (1.5.6)
    ocra (1.3.1)
    rake (0.9.2.2)
    releasy (0.2.2)
      cri (~> 2.1.0)
      net-github-upload (~> 0.0.8)
      ocra (~> 1.3.0)
      rake (~> 0.9.2.2)
      thor (~> 0.14.6)
    thor (0.14.6)

PLATFORMS
  ruby

DEPENDENCIES
  chingu (~> 0.9rc7)
  gosu (~> 0.7.41)
  rake (~> 0.9.2.2)
  releasy
